GEM
  remote: http://rubygems.org/
  specs:
    hirb (0.5.0)
    nokogiri (1.5.0-x86-mingw32)
    thor (0.14.6)

PLATFORMS
  x86-mingw32

DEPENDENCIES
  hirb
  nokogiri
  thor
